GEM
  remote: https://rubygems.org/
  specs:
    addressable (2.8.1)
      public_suffix (>= 2.0.2, < 6.0)
    colorator (1.1.0)
    concurrent-ruby (1.2.2)
    did_you_mean (1.6.1)
    digest (3.1.0)
    em-websocket (0.5.3)
      eventmachine (>= 0.12.9)
      http_parser.rb (~> 0)
    error_highlight (0.3.0)
    etc (1.3.0)
    eventmachine (1.2.7)
    ffi (1.15.5)
    fileutils (1.6.0)
    forwardable (1.3.2)
    forwardable-extended (2.6.0)
    google-protobuf (3.22.2)
    http_parser.rb (0.8.0)
    i18n (1.12.0)
      concurrent-ruby (~> 1.0)
    io-nonblock (0.1.0)
    io-wait (0.2.1)
    ipaddr (1.2.4)
    jekyll (4.3.2)
      addressable (~> 2.4)
      colorator (~> 1.0)
      em-websocket (~> 0.5)
      i18n (~> 1.0)
      jekyll-sass-converter (>= 2.0, < 4.0)
      jekyll-watch (~> 2.0)
      kramdown (~> 2.3, >= 2.3.1)
      kramdown-parser-gfm (~> 1.0)
      liquid (~> 4.0)
      mercenary (>= 0.3.6, < 0.5)
      pathutil (~> 0.9)
      rouge (>= 3.0, < 5.0)
      safe_yaml (~> 1.0)
      terminal-table (>= 1.8, < 4.0)
      webrick (~> 1.7)
    jekyll-sass-converter (3.0.0)
      sass-embedded (~> 1.54)
    jekyll-watch (2.2.1)
      listen (~> 3.0)
    kramdown (2.4.0)
      rexml
    kramdown-parser-gfm (1.1.0)
      kramdown (~> 2.0)
    liquid (4.0.4)
    listen (3.8.0)
      rb-fsevent (~> 0.10, >= 0.10.3)
      rb-inotify (~> 0.9, >= 0.9.10)
    mercenary (0.4.0)
    net-http (0.2.0)
      net-protocol
      uri
    net-protocol (0.1.2)
      io-wait
      timeout
    openssl (3.0.0)
    pathname (0.2.0)
    pathutil (0.16.2)
      forwardable-extended (~> 2.6)
    public_suffix (5.0.1)
    rb-fsevent (0.11.2)
    rb-inotify (0.10.1)
      ffi (~> 1.0)
    rexml (3.2.5)
    rouge (4.1.0)
    safe_yaml (1.0.5)
    sass-embedded (1.60.0)
      google-protobuf (~> 3.21)
    set (1.0.2)
    strscan (3.0.1)
    terminal-table (3.0.2)
      unicode-display_width (>= 1.1.1, < 3)
    timeout (0.2.0)
    tsort (0.1.0)
    unicode-display_width (2.4.2)
    uri (0.11.0)
    webrick (1.8.1)
    zlib (2.1.1)

PLATFORMS
  ruby

DEPENDENCIES
  did_you_mean (= 1.6.1)
  digest (= 3.1.0)
  error_highlight (= 0.3.0)
  etc (= 1.3.0)
  fileutils (= 1.6.0)
  forwardable (= 1.3.2)
  io-nonblock (= 0.1.0)
  io-wait (= 0.2.1)
  ipaddr (= 1.2.4)
  jekyll (>= 3.6.3)
  net-http (= 0.2.0)
  net-protocol (= 0.1.2)
  openssl (= 3.0.0)
  pathname (= 0.2.0)
  set (= 1.0.2)
  strscan (= 3.0.1)
  timeout (= 0.2.0)
  tsort (= 0.1.0)
  uri (= 0.11.0)
  zlib (= 2.1.1)

BUNDLED WITH
   1.11.2
